GEM
  remote: https://rubygems.org/
  specs:
    minitest (5.16.3)

PLATFORMS
  ruby

DEPENDENCIES
  minitest (~> 5.16, >= 5.16.3)

BUNDLED WITH
   2.2.33
